GIT
  remote: git://github.com/elasticsearch/elasticsearch-rails.git
  revision: d6e534c7b3ae4dbd35de73a494ec0243bde21bea
  specs:
    elasticsearch-model (0.1.6)
      activesupport (> 3)
      elasticsearch (> 0.4)
      hashie
    elasticsearch-rails (0.1.6)

GIT
  remote: git://github.com/elasticsearch/elasticsearch-ruby.git
  revision: c70e034a4cc9f57dae88ed91e0223a9d7b863389
  specs:
    elasticsearch (1.0.5)
      elasticsearch-api (= 1.0.5)
      elasticsearch-transport (= 1.0.5)
    elasticsearch-api (1.0.5)
      multi_json
    elasticsearch-transport (1.0.5)
      faraday
      multi_json

GEM
  remote: http://ruby.taobao.org/
  specs:
    actionmailer (4.1.6)
      actionpack (= 4.1.6)
      actionview (= 4.1.6)
      mail (~> 2.5, >= 2.5.4)
    actionpack (4.1.6)
      actionview (= 4.1.6)
      activesupport (= 4.1.6)
      rack (~> 1.5.2)
      rack-test (~> 0.6.2)
    actionview (4.1.6)
      activesupport (= 4.1.6)
      builder (~> 3.1)
      erubis (~> 2.7.0)
    activemodel (4.1.6)
      activesupport (= 4.1.6)
      builder (~> 3.1)
    activerecord (4.1.6)
      activemodel (= 4.1.6)
      activesupport (= 4.1.6)
      arel (~> 5.0.0)
    activesupport (4.1.6)
      i18n (~> 0.6, >= 0.6.9)
      json (~> 1.7, >= 1.7.7)
      minitest (~> 5.1)
      thread_safe (~> 0.1)
      tzinfo (~> 1.1)
    arel (5.0.1.20140414130214)
    bcrypt (3.1.7)
    builder (3.2.2)
    coffee-rails (4.0.1)
      coffee-script (>= 2.2.0)
      railties (>= 4.0.0, < 5.0)
    coffee-script (2.3.0)
      coffee-script-source
      execjs
    coffee-script-source (1.8.0)
    erubis (2.7.0)
    execjs (2.2.1)
    faraday (0.9.0)
      multipart-post (>= 1.2, < 3)
    font-awesome-rails (4.2.0.0)
      railties (>= 3.2, < 5.0)
    hashie (3.3.1)
    hike (1.2.3)
    i18n (0.6.11)
    jquery-atwho-rails (0.5.1)
    jquery-rails (3.1.2)
      railties (>= 3.0, < 5.0)
      thor (>= 0.14, < 2.0)
    jquery-ui-rails (5.0.2)
      railties (>= 3.2.16)
    json (1.8.1)
    jwt (1.0.0)
    mail (2.6.1)
      mime-types (>= 1.16, < 3)
    mail_view (2.0.4)
      tilt
    mime-types (2.4.1)
    mini_portile (0.6.0)
    minitest (5.4.2)
    multi_json (1.10.1)
    multi_xml (0.5.5)
    multipart-post (2.0.0)
    mysql2 (0.3.16)
    nokogiri (1.6.3.1)
      mini_portile (= 0.6.0)
    oauth2 (1.0.0)
      faraday (>= 0.8, < 0.10)
      jwt (~> 1.0)
      multi_json (~> 1.3)
      multi_xml (~> 0.5)
      rack (~> 1.2)
    omniauth (1.2.2)
      hashie (>= 1.2, < 4)
      rack (~> 1.0)
    omniauth-github (1.1.2)
      omniauth (~> 1.0)
      omniauth-oauth2 (~> 1.1)
    omniauth-google-oauth2 (0.2.5)
      omniauth (> 1.0)
      omniauth-oauth2 (~> 1.1)
    omniauth-oauth2 (1.2.0)
      faraday (>= 0.8, < 0.10)
      multi_json (~> 1.3)
      oauth2 (~> 1.0)
      omniauth (~> 1.2)
    posix-spawn (0.3.9)
    protected_attributes (1.0.8)
      activemodel (>= 4.0.1, < 5.0)
    pygments.rb (0.6.0)
      posix-spawn (~> 0.3.6)
      yajl-ruby (~> 1.1.0)
    rack (1.5.2)
    rack-test (0.6.2)
      rack (>= 1.0)
    rails (4.1.6)
      actionmailer (= 4.1.6)
      actionpack (= 4.1.6)
      actionview (= 4.1.6)
      activemodel (= 4.1.6)
      activerecord (= 4.1.6)
      activesupport (= 4.1.6)
      bundler (>= 1.3.0, < 2.0)
      railties (= 4.1.6)
      sprockets-rails (~> 2.0)
    rails-i18n (4.0.3)
      i18n (~> 0.6)
      railties (~> 4.0)
    railties (4.1.6)
      actionpack (= 4.1.6)
      activesupport (= 4.1.6)
      rake (>= 0.8.7)
      thor (>= 0.18.1, < 2.0)
    rake (10.3.2)
    redcarpet (3.1.2)
    sass (3.4.5)
    sass-rails (5.0.0.beta1)
      railties (>= 4.0.0, < 5.0)
      sass (~> 3.2)
      sprockets (~> 2.12)
      sprockets-rails (>= 2.0, < 4.0)
    settingslogic (2.0.9)
    simple_form (3.0.2)
      actionpack (~> 4.0)
      activemodel (~> 4.0)
    sprockets (2.12.2)
      hike (~> 1.2)
      multi_json (~> 1.0)
      rack (~> 1.0)
      tilt (~> 1.1, != 1.3.0)
    sprockets-rails (2.2.0)
      actionpack (>= 3.0)
      activesupport (>= 3.0)
      sprockets (>= 2.8, < 4.0)
    swiftype (1.2.0)
    thor (0.19.1)
    thread_safe (0.3.4)
    tilt (1.4.1)
    tooltipster-rails (3.2.6)
    tzinfo (1.2.2)
      thread_safe (~> 0.1)
    uglifier (2.5.3)
      execjs (>= 0.3.0)
      json (>= 1.8.0)
    will_paginate (3.0.7)
    yajl-ruby (1.1.0)

PLATFORMS
  ruby

DEPENDENCIES
  bcrypt
  coffee-rails (~> 4.0.0)
  elasticsearch!
  elasticsearch-model!
  elasticsearch-rails!
  font-awesome-rails (= 4.2.0.0)
  jquery-atwho-rails
  jquery-rails
  jquery-ui-rails
  mail_view (~> 2.0.4)
  mysql2 (~> 0.3.10)
  nokogiri (~> 1.6.0)
  omniauth
  omniauth-github
  omniauth-google-oauth2
  protected_attributes
  pygments.rb
  rails (= 4.1.6)
  rails-i18n
  redcarpet
  sass-rails (~> 5.0.0.beta1)
  settingslogic
  simple_form (= 3.0.2)
  swiftype (~> 1.2.0)
  tooltipster-rails
  uglifier (>= 1.3.0)
  will_paginate (> 3.0)
